GENERATE-LOAD-SCRIPTS: ON
STORAGE: NONE
RESTRICTION: == net6.0
NUGET
  remote: https://api.nuget.org/v3/index.json
    BlackFox.ColoredPrintf (1.0.5)
      BlackFox.MasterOfFoo (>= 1.0.6 < 2.0)
      FSharp.Core (>= 4.2.3)
    BlackFox.MasterOfFoo (1.0.6)
      FSharp.Core (>= 4.2.3)
    FSharp.Core (6.0.1)
